GIT
  remote: https://github.com/litencatt/crontab
  revision: 9c758a82a124f2b83a6e28ffb8cffce608f41844
  branch: keep-cron-definition
  specs:
    crontab (0.0.2)

PATH
  remote: .
  specs:
    crntb (0.3.0)
      cron2english

GEM
  remote: https://rubygems.org/
  specs:
    byebug (10.0.2)
    coderay (1.1.2)
    cron2english (0.1.6)
    method_source (0.9.0)
    minitest (5.11.3)
    pry (0.11.3)
      coderay (~> 1.1.0)
      method_source (~> 0.9.0)
    pry-byebug (3.6.0)
      byebug (~> 10.0)
      pry (~> 0.10)
    rake (13.0.5)

PLATFORMS
  ruby

DEPENDENCIES
  bundler (~> 1.16)
  crntb!
  crontab!
  minitest
  pry
  pry-byebug
  rake (~> 13.0)

BUNDLED WITH
   1.16.5
